GIT
  remote: https://github.com/AlexWayfer/Voight-Kampff.git
  revision: 84ce41275e959bdcc073ed2634803018490d99c6
  branch: v2
  specs:
    voight_kampff (2.0.0)

GIT
  remote: https://github.com/AlexWayfer/flame-menu.git
  revision: 84d0a2425433607c3000131cf574b51967f18588
  specs:
    flame-menu (0.0.0)
      flame (~> 5.0.0.rc6)

GIT
  remote: https://github.com/AlexWayfer/rack-protection-maximum_cookie.git
  revision: e5420930e4c8965c5b829881ecd7378a0858a958
  branch: improvements
  specs:
    rack-protection-maximum_cookie (0.4.2)
      public_suffix (>= 3.0, < 6)
      rack (>= 2.2, < 4.0)

GIT
  remote: https://github.com/mauricew/ruby-twitch-api.git
  revision: 408da6fbc61067ecb5a3c4ff48690bdb5329b996
  specs:
    twitch-api (0.4.0)
      faraday (~> 2.3)
      faraday-parse_dates (~> 0.1.1)
      faraday-retry (~> 2.0)
      twitch_oauth2 (~> 0.4.0)

GEM
  remote: https://rubygems.org/
  specs:
    addressable (2.8.4)
      public_suffix (>= 2.0.2, < 6.0)
    alt_memery (2.1.0)
      module_methods (~> 0.1.0)
      ruby2_keywords (~> 0.0.2)
    ansi (1.5.0)
    ast (2.4.2)
    bcrypt (3.1.18)
    benchmark-ips (2.12.0)
    benchmark-memory (0.2.0)
      memory_profiler (~> 1)
    benchmark_toys (0.6.0)
      benchmark-ips (~> 2.8)
      benchmark-memory (~> 0.2.0)
      example_file (~> 0.4.0)
      toys-core (~> 0.14.2)
    bundler-audit (0.9.1)
      bundler (>= 1.2.0, < 3)
      thor (~> 1.0)
    byebug (11.1.3)
    coderay (1.1.3)
    concurrent-ruby (1.2.2)
    config_toys (0.7.0)
      example_file (~> 0.4.0)
      toys-core (~> 0.14.2)
    content_disposition (1.0.0)
    date (3.3.3)
    declarative (0.0.20)
    diff-lcs (1.5.0)
    diffy (3.4.2)
    down (5.4.0)
      addressable (~> 2.8)
    dry-inflector (1.0.0)
    erubi (1.12.0)
    example_file (0.4.0)
      diffy (~> 3.0)
      highline (~> 2.0)
      paint (~> 2.0)
    faraday (2.7.4)
      faraday-net_http (>= 2.0, < 3.1)
      ruby2_keywords (>= 0.0.4)
    faraday-net_http (3.0.2)
    faraday-parse_dates (0.1.1)
      faraday (~> 2.0)
    faraday-retry (2.1.0)
      faraday (~> 2.0)
    filewatcher (2.1.0)
      module_methods (~> 0.1.0)
    filewatcher-matrix (1.0.0)
      filewatcher (~> 2.0)
    flame (5.0.0.rc9)
      addressable (~> 2.5)
      alt_memery (~> 2.0)
      gorilla_patch (>= 3.0, < 6)
      psych (~> 5.0)
      rack (~> 3.0)
      tilt (~> 2.1)
    flame-flash (3.0.1.rc2)
      flame (>= 5.0.0.rc8, < 6)
      gorilla_patch (>= 1, < 6)
    flame-pagination (0.3.0)
      alt_memery (~> 2.0)
      flame (>= 4, < 6)
      module_methods (~> 0.1.0)
    flame-r18n (3.0.0.rc1)
      flame (>= 5.0.0.rc3, < 6)
      r18n-core (~> 5.0)
    flame-sentry_context (0.3.1)
      alt_memery (~> 2.0)
      gorilla_patch (>= 4.0, < 6)
      sentry-ruby (~> 5.4)
    flame_deploy_toys (0.7.0)
      toys-core (~> 0.14.2)
    flame_generate_toys (0.13.0)
      dry-inflector (~> 1.0.0)
      formalism-model_forms (~> 0.10.0)
      toys-core (~> 0.14.2)
    flame_routes_toys (0.6.0)
      alt_memery (~> 2.0)
      toys-core (~> 0.14.2)
    flame_server_toys (0.7.0)
      alt_memery (~> 2.0)
      filewatcher-matrix (~> 1.0.0)
      gorilla_patch (>= 4.0, < 6)
      toys-core (~> 0.14.2)
    formalism (0.5.1)
      gorilla_patch (>= 4, < 6)
      module_methods (~> 0.1.0)
    formalism-model_forms (0.10.1)
      alt_memery (~> 2.0)
      flame-pagination (~> 0.3.0)
      formalism (~> 0.5.0)
      gorilla_patch (>= 4.0, < 6)
      module_methods (~> 0.1.0)
      sequel (~> 5.0)
    formalism-r18n_errors (0.5.1)
      formalism (~> 0.5.0)
      gorilla_patch (>= 4.0, < 6)
      r18n-core (~> 5.0)
    formalism-sequel_transactions (0.4.0)
      formalism (~> 0.5.0)
      sequel (~> 5.0)
    google-apis-core (0.11.0)
      addressable (~> 2.5, >= 2.5.1)
      googleauth (>= 0.16.2, < 2.a)
      httpclient (>= 2.8.1, < 3.a)
      mini_mime (~> 1.0)
      representable (~> 3.0)
      retriable (>= 2.0, < 4.a)
      rexml
      webrick
    google-apis-people_v1 (0.36.0)
      google-apis-core (>= 0.11.0, < 2.a)
    googleauth (1.5.2)
      faraday (>= 0.17.3, < 3.a)
      jwt (>= 1.4, < 3.0)
      memoist (~> 0.16)
      multi_json (~> 1.11)
      os (>= 0.9, < 2.0)
      signet (>= 0.16, < 2.a)
    gorilla_patch (5.0.1)
    hashie (5.0.0)
    highline (2.1.0)
    httpclient (2.8.3)
    icomoon_toys (0.5.0)
      alt_memery (~> 2.0)
      rubyzip (~> 2.0)
      toys-core (~> 0.14.2)
    json (2.6.3)
    jwt (2.7.0)
    kramdown (2.4.0)
      rexml
    launchy (2.5.2)
      addressable (~> 2.8)
    letter_opener (1.8.1)
      launchy (>= 2.2, < 3)
    locales_toys (0.3.0)
      toys-core (~> 0.14.2)
    macaddr (1.7.2)
      systemu (~> 2.6.5)
    mail (2.8.1)
      mini_mime (>= 0.1.1)
      net-imap
      net-pop
      net-smtp
    memoist (0.16.2)
    memory_profiler (1.0.1)
    method_source (1.0.0)
    mini_mime (1.1.2)
    module_methods (0.1.0)
    multi_json (1.15.0)
    multi_xml (0.6.0)
    net-imap (0.3.4)
      date
      net-protocol
    net-pop (0.1.2)
      net-protocol
    net-protocol (0.2.1)
      timeout
    net-smtp (0.3.3)
      net-protocol
    nio4r (2.5.9)
    oauth2 (2.0.9)
      faraday (>= 0.17.3, < 3.0)
      jwt (>= 1.0, < 3.0)
      multi_xml (~> 0.5)
      rack (>= 1.2, < 4)
      snaky_hash (~> 2.0)
      version_gem (~> 1.1)
    oga (3.4)
      ast
      ruby-ll (~> 2.1)
    omniauth (2.1.1)
      hashie (>= 3.4.6)
      rack (>= 2.2.3)
      rack-protection
    omniauth-google-oauth2 (1.1.1)
      jwt (>= 2.0)
      oauth2 (~> 2.0.6)
      omniauth (~> 2.0)
      omniauth-oauth2 (~> 1.8.0)
    omniauth-oauth2 (1.8.0)
      oauth2 (>= 1.4, < 3)
      omniauth (~> 2.0)
    omniauth-twitch (1.2.0)
      omniauth-oauth2 (~> 1.6)
    os (1.1.4)
    paint (2.3.0)
    parallel (1.22.1)
    parser (3.2.2.0)
      ast (~> 2.4.1)
    pg (1.4.6)
    pry (0.14.2)
      coderay (~> 1.1)
      method_source (~> 1.0)
    pry-byebug (3.10.1)
      byebug (~> 11.0)
      pry (>= 0.13, < 0.15)
    psql_toys (0.6.0)
      alt_memery (~> 2.0)
      gorilla_patch (> 3, < 6)
      toys-core (~> 0.14.2)
    psych (5.1.0)
      stringio
    public_suffix (5.0.1)
    puma (6.2.1)
      nio4r (~> 2.0)
    r18n-core (5.0.1)
    rack (3.0.7)
    rack-console (1.4.0)
      rack (~> 3.0)
      rack-test
    rack-protection (3.0.6)
      rack
    rack-session (2.0.0)
      rack (>= 3.0.0)
    rack-slashenforce (0.0.3)
      rack
    rack-test (2.1.0)
      rack (>= 1.3)
    rack-utf8_sanitizer (1.8.0)
      rack (>= 1.0, < 4.0)
    rack_console_toys (0.3.0)
      rack-console (~> 1.3)
      toys-core (~> 0.14.2)
    rack_csrf (2.7.0)
      rack (>= 1.1.0)
    rainbow (3.1.1)
    regexp_parser (2.7.0)
    representable (3.2.0)
      declarative (< 0.1.0)
      trailblazer-option (>= 0.1.1, < 0.2.0)
      uber (< 0.2.0)
    retriable (3.1.2)
    rexml (3.2.5)
    rspec (3.12.0)
      rspec-core (~> 3.12.0)
      rspec-expectations (~> 3.12.0)
      rspec-mocks (~> 3.12.0)
    rspec-core (3.12.1)
      rspec-support (~> 3.12.0)
    rspec-expectations (3.12.2)
      diff-lcs (>= 1.2.0, < 2.0)
      rspec-support (~> 3.12.0)
    rspec-mocks (3.12.5)
      diff-lcs (>= 1.2.0, < 2.0)
      rspec-support (~> 3.12.0)
    rspec-support (3.12.0)
    rubocop (1.50.1)
      json (~> 2.3)
      parallel (~> 1.10)
      parser (>= 3.2.0.0)
      rainbow (>= 2.2.2, < 4.0)
      regexp_parser (>= 1.8, < 3.0)
      rexml (>= 3.2.5, < 4.0)
      rubocop-ast (>= 1.28.0, < 2.0)
      ruby-progressbar (~> 1.7)
      unicode-display_width (>= 2.4.0, < 3.0)
    rubocop-ast (1.28.0)
      parser (>= 3.2.1.0)
    rubocop-capybara (2.17.1)
      rubocop (~> 1.41)
    rubocop-performance (1.17.1)
      rubocop (>= 1.7.0, < 2.0)
      rubocop-ast (>= 0.4.0)
    rubocop-rspec (2.19.0)
      rubocop (~> 1.33)
      rubocop-capybara (~> 2.17)
    rubocop-sequel (0.3.4)
      rubocop (~> 1.0)
    ruby-ll (2.1.2)
      ansi
      ast
    ruby-progressbar (1.13.0)
    ruby2_keywords (0.0.5)
    rubyzip (2.3.2)
    sentry-ruby (5.8.0)
      concurrent-ruby (~> 1.0, >= 1.0.2)
    sequel (5.67.0)
    sequel-enum_values (1.2.1)
      sequel (>= 4.1.0, <= 6)
    sequel_migrations_toys (0.4.0)
      alt_memery (~> 2.0)
      sequel (~> 5.0)
      toys-core (~> 0.14.2)
    sequel_pg (1.17.1)
      pg (>= 0.18.0, != 1.2.0)
      sequel (>= 4.38.0)
    sequel_secure_password (0.2.15)
      bcrypt (>= 3.1, < 4.0)
      sequel (>= 4.1.0, < 6.0)
    shrine (3.4.0)
      content_disposition (~> 1.0)
      down (~> 5.1)
    signet (0.17.0)
      addressable (~> 2.8)
      faraday (>= 0.17.5, < 3.a)
      jwt (>= 1.5, < 3.0)
      multi_json (~> 1.10)
    snaky_hash (2.0.1)
      hashie
      version_gem (~> 1.1, >= 1.1.1)
    static_files_toys (0.5.0)
      highline (~> 2.0)
      toys-core (~> 0.14.2)
    stringio (3.0.6)
    systemu (2.6.5)
    thor (1.2.1)
    tilt (2.1.0)
    timeout (0.3.2)
    toys (0.14.5)
      toys-core (= 0.14.5)
    toys-core (0.14.5)
    trailblazer-option (0.1.2)
    twitch_oauth2 (0.4.0)
      faraday (~> 2.3)
      faraday-parse_dates (~> 0.1.0)
    uber (0.1.0)
    unicode-display_width (2.4.2)
    uuid (2.3.9)
      macaddr (~> 1.0)
    version_gem (1.1.2)
    warning (1.3.0)
    webrick (1.8.1)

PLATFORMS
  x86_64-linux

DEPENDENCIES
  alt_memery
  benchmark_toys
  bundler
  bundler-audit
  config_toys
  erubi
  flame (~> 5.0.0.rc9)
  flame-flash (~> 3.0.1.rc2)
  flame-menu!
  flame-r18n (~> 3.0.0.rc1)
  flame-sentry_context
  flame_deploy_toys
  flame_generate_toys
  flame_routes_toys
  flame_server_toys
  formalism
  formalism-model_forms
  formalism-r18n_errors
  formalism-sequel_transactions
  google-apis-people_v1
  gorilla_patch
  icomoon_toys
  kramdown
  letter_opener
  locales_toys
  mail
  net-smtp
  oga
  omniauth
  omniauth-google-oauth2
  omniauth-twitch
  pg
  pry-byebug
  psql_toys
  puma
  rack-console
  rack-protection-maximum_cookie!
  rack-session
  rack-slashenforce
  rack-test
  rack-utf8_sanitizer
  rack_console_toys
  rack_csrf
  rspec
  rubocop
  rubocop-performance
  rubocop-rspec
  rubocop-sequel
  sequel
  sequel-enum_values
  sequel_migrations_toys
  sequel_pg
  sequel_secure_password
  shrine
  static_files_toys
  toys
  twitch-api!
  uuid
  voight_kampff!
  warning

BUNDLED WITH
   2.4.6
