GIT
  remote: https://github.com/AlexWayfer/Voight-Kampff.git
  revision: 84ce41275e959bdcc073ed2634803018490d99c6
  branch: v2
  specs:
    voight_kampff (2.0.0)

GIT
  remote: https://github.com/AlexWayfer/flame-menu.git
  revision: 5aed9bd0e73e45865ba42b83ef4ef5e407c3af70
  specs:
    flame-menu (0.0.0)
      flame (~> 5.0.0.rc6)

GIT
  remote: https://github.com/AlexWayfer/rack-protection-maximum_cookie.git
  revision: 2406c2a3060404fe71955b300e3178cbf35e0a49
  branch: improvements
  specs:
    rack-protection-maximum_cookie (0.4.2)
      public_suffix (>= 3.0, < 7)
      rack (>= 2.2, < 4.0)

GEM
  remote: https://rubygems.org/
  specs:
    addressable (2.8.7)
      public_suffix (>= 2.0.2, < 7.0)
    alt_memery (2.1.0)
      module_methods (~> 0.1.0)
      ruby2_keywords (~> 0.0.2)
    ast (2.4.3)
    base64 (0.3.0)
    bcrypt (3.1.20)
    benchmark-ips (2.14.0)
    benchmark-memory (0.2.0)
      memory_profiler (~> 1)
    benchmark_toys (0.8.0)
      benchmark-ips (~> 2.8)
      benchmark-memory (~> 0.2.0)
      example_file (~> 0.5.0)
      toys-core (~> 0.15.3)
    bigdecimal (3.2.2)
    bundler-audit (0.9.2)
      bundler (>= 1.2.0, < 3)
      thor (~> 1.0)
    byebug (12.0.0)
    childprocess (5.1.0)
      logger (~> 1.5)
    coderay (1.1.3)
    concurrent-ruby (1.3.5)
    config_toys (0.9.0)
      example_file (~> 0.5.0)
      toys-core (~> 0.15.3)
    content_disposition (1.0.0)
    date (3.4.1)
    declarative (0.0.20)
    diff-lcs (1.6.2)
    diffy (3.4.4)
    down (5.4.2)
      addressable (~> 2.8)
    dry-inflector (1.2.0)
    erubi (1.13.1)
    example_file (0.5.0)
      diffy (~> 3.0)
      highline (~> 3.0)
      paint (~> 2.0)
    faraday (2.13.4)
      faraday-net_http (>= 2.0, < 3.5)
      json
      logger
    faraday-net_http (3.4.1)
      net-http (>= 0.5.0)
    faraday-parse_dates (0.1.1)
      faraday (~> 2.0)
    faraday-retry (2.3.2)
      faraday (~> 2.0)
    filewatcher (2.1.0)
      module_methods (~> 0.1.0)
    filewatcher-matrix (1.0.0)
      filewatcher (~> 2.0)
    flame (5.0.0.rc10)
      addressable (~> 2.5)
      alt_memery (~> 2.0)
      gorilla_patch (>= 3.0, < 6)
      psych (~> 5.0)
      rack (~> 3.0)
      tilt (~> 2.1)
    flame-flash (3.0.1.rc3)
      flame (>= 5.0.0.rc8, < 6)
      gorilla_patch (>= 1, < 6)
    flame-pagination (0.3.0)
      alt_memery (~> 2.0)
      flame (>= 4, < 6)
      module_methods (~> 0.1.0)
    flame-r18n (3.0.0.rc1)
      flame (>= 5.0.0.rc3, < 6)
      r18n-core (~> 5.0)
    flame-sentry_context (0.3.1)
      alt_memery (~> 2.0)
      gorilla_patch (>= 4.0, < 6)
      sentry-ruby (~> 5.4)
    flame_deploy_toys (0.8.0)
      toys-core (~> 0.15.3)
    flame_generate_toys (0.16.0)
      dry-inflector (~> 1.1)
      formalism-model_forms (>= 0.10, <= 0.12)
      toys-core (~> 0.15.3)
    flame_routes_toys (0.7.0)
      alt_memery (~> 2.0)
      toys-core (~> 0.15.3)
    flame_server_toys (0.8.0)
      alt_memery (~> 2.0)
      filewatcher-matrix (~> 1.0.0)
      gorilla_patch (>= 4.0, < 6)
      toys-core (~> 0.15.3)
    formalism (0.6.0)
      gorilla_patch (>= 4, < 6)
      module_methods (~> 0.1.0)
    formalism-model_forms (0.11.0)
      alt_memery (~> 2.0)
      flame-pagination (~> 0.3.0)
      formalism (~> 0.6.0)
      gorilla_patch (>= 4.0, < 6)
      module_methods (~> 0.1.0)
      sequel (~> 5.0)
    formalism-r18n_errors (0.6.0)
      formalism (>= 0.5, <= 0.7)
      gorilla_patch (>= 4.0, < 6)
      r18n-core (~> 5.0)
    formalism-sequel_transactions (0.5.0)
      formalism (>= 0.5, < 0.7)
      sequel (~> 5.0)
    google-apis-core (0.18.0)
      addressable (~> 2.5, >= 2.5.1)
      googleauth (~> 1.9)
      httpclient (>= 2.8.3, < 3.a)
      mini_mime (~> 1.0)
      mutex_m
      representable (~> 3.0)
      retriable (>= 2.0, < 4.a)
    google-apis-people_v1 (0.41.0)
      google-apis-core (>= 0.15.0, < 2.a)
    google-cloud-env (2.3.1)
      base64 (~> 0.2)
      faraday (>= 1.0, < 3.a)
    google-logging-utils (0.2.0)
    googleauth (1.14.0)
      faraday (>= 1.0, < 3.a)
      google-cloud-env (~> 2.2)
      google-logging-utils (~> 0.1)
      jwt (>= 1.4, < 3.0)
      multi_json (~> 1.11)
      os (>= 0.9, < 2.0)
      signet (>= 0.16, < 2.a)
    gorilla_patch (5.0.1)
    hashie (5.0.0)
    highline (3.1.2)
      reline
    httpclient (2.9.0)
      mutex_m
    icomoon_toys (0.6.0)
      alt_memery (~> 2.0)
      rubyzip (~> 2.0)
      toys-core (~> 0.15.3)
    io-console (0.8.1)
    json (2.13.2)
    jwt (2.10.2)
      base64
    kramdown (2.5.1)
      rexml (>= 3.3.9)
    language_server-protocol (3.17.0.5)
    launchy (3.1.1)
      addressable (~> 2.8)
      childprocess (~> 5.0)
      logger (~> 1.6)
    letter_opener (1.10.0)
      launchy (>= 2.2, < 4)
    lint_roller (1.1.0)
    locales_toys (0.4.0)
      toys-core (~> 0.15.3)
    logger (1.7.0)
    macaddr (1.7.2)
      systemu (~> 2.6.5)
    mail (2.8.1)
      mini_mime (>= 0.1.1)
      net-imap
      net-pop
      net-smtp
    memory_profiler (1.1.0)
    method_source (1.1.0)
    mini_mime (1.1.5)
    module_methods (0.1.0)
    multi_json (1.17.0)
    multi_xml (0.7.2)
      bigdecimal (~> 3.1)
    mutex_m (0.3.0)
    net-http (0.6.0)
      uri
    net-imap (0.5.9)
      date
      net-protocol
    net-pop (0.1.2)
      net-protocol
    net-protocol (0.2.2)
      timeout
    net-smtp (0.5.1)
      net-protocol
    nio4r (2.7.4)
    nokogiri (1.18.9-x86_64-linux-gnu)
      racc (~> 1.4)
    oauth2 (2.0.12)
      faraday (>= 0.17.3, < 4.0)
      jwt (>= 1.0, < 4.0)
      logger (~> 1.2)
      multi_xml (~> 0.5)
      rack (>= 1.2, < 4)
      snaky_hash (~> 2.0, >= 2.0.3)
      version_gem (>= 1.1.8, < 3)
    omniauth (2.1.3)
      hashie (>= 3.4.6)
      rack (>= 2.2.3)
      rack-protection
    omniauth-google-oauth2 (1.2.1)
      jwt (>= 2.9.2)
      oauth2 (~> 2.0)
      omniauth (~> 2.0)
      omniauth-oauth2 (~> 1.8)
    omniauth-oauth2 (1.8.0)
      oauth2 (>= 1.4, < 3)
      omniauth (~> 2.0)
    omniauth-twitch (1.2.0)
      omniauth-oauth2 (~> 1.6)
    os (1.1.4)
    paint (2.3.0)
    parallel (1.27.0)
    parser (3.3.9.0)
      ast (~> 2.4.1)
      racc
    pg (1.6.1-x86_64-linux)
    prism (1.4.0)
    pry (0.15.2)
      coderay (~> 1.1)
      method_source (~> 1.0)
    pry-byebug (3.11.0)
      byebug (~> 12.0)
      pry (>= 0.13, < 0.16)
    psql_toys (0.8.0)
      alt_memery (~> 2.0)
      gorilla_patch (> 3, < 6)
      toys-core (~> 0.15.3)
    psych (5.2.6)
      date
      stringio
    public_suffix (6.0.2)
    puma (6.6.1)
      nio4r (~> 2.0)
    r18n-core (5.0.1)
    racc (1.8.1)
    rack (3.2.0)
    rack-console (1.4.1)
      rack (~> 3.0)
      rack-test
    rack-protection (4.1.1)
      base64 (>= 0.1.0)
      logger (>= 1.6.0)
      rack (>= 3.0.0, < 4)
    rack-session (2.1.1)
      base64 (>= 0.1.0)
      rack (>= 3.0.0)
    rack-slashenforce (0.0.3)
      rack
    rack-test (2.2.0)
      rack (>= 1.3)
    rack-utf8_sanitizer (1.10.1)
      rack (>= 1.0, < 4.0)
    rack_console_toys (0.4.0)
      rack-console (~> 1.3)
      toys-core (~> 0.15.3)
    rack_csrf (2.7.0)
      rack (>= 1.1.0)
    rainbow (3.1.1)
    regexp_parser (2.11.0)
    reline (0.6.2)
      io-console (~> 0.5)
    representable (3.2.0)
      declarative (< 0.1.0)
      trailblazer-option (>= 0.1.1, < 0.2.0)
      uber (< 0.2.0)
    retriable (3.1.2)
    rexml (3.4.4)
    rspec (3.13.1)
      rspec-core (~> 3.13.0)
      rspec-expectations (~> 3.13.0)
      rspec-mocks (~> 3.13.0)
    rspec-core (3.13.5)
      rspec-support (~> 3.13.0)
    rspec-expectations (3.13.5)
      diff-lcs (>= 1.2.0, < 2.0)
      rspec-support (~> 3.13.0)
    rspec-mocks (3.13.5)
      diff-lcs (>= 1.2.0, < 2.0)
      rspec-support (~> 3.13.0)
    rspec-support (3.13.4)
    rubocop (1.79.1)
      json (~> 2.3)
      language_server-protocol (~> 3.17.0.2)
      lint_roller (~> 1.1.0)
      parallel (~> 1.10)
      parser (>= 3.3.0.2)
      rainbow (>= 2.2.2, < 4.0)
      regexp_parser (>= 2.9.3, < 3.0)
      rubocop-ast (>= 1.46.0, < 2.0)
      ruby-progressbar (~> 1.7)
      unicode-display_width (>= 2.4.0, < 4.0)
    rubocop-ast (1.46.0)
      parser (>= 3.3.7.2)
      prism (~> 1.4)
    rubocop-performance (1.25.0)
      lint_roller (~> 1.1)
      rubocop (>= 1.75.0, < 2.0)
      rubocop-ast (>= 1.38.0, < 2.0)
    rubocop-rspec (3.6.0)
      lint_roller (~> 1.1)
      rubocop (~> 1.72, >= 1.72.1)
    rubocop-sequel (0.4.1)
      lint_roller (~> 1.1)
      rubocop (>= 1.72.1, < 2)
    ruby-progressbar (1.13.0)
    ruby2_keywords (0.0.5)
    rubyzip (2.4.1)
    sentry-ruby (5.26.0)
      bigdecimal
      concurrent-ruby (~> 1.0, >= 1.0.2)
    sequel (5.95.0)
      bigdecimal
    sequel-enum_values (1.2.1)
      sequel (>= 4.1.0, <= 6)
    sequel_migrations_toys (0.5.0)
      alt_memery (~> 2.0)
      sequel (~> 5.0)
      toys-core (~> 0.15.3)
    sequel_pg (1.17.2)
      pg (>= 0.18.0, != 1.2.0)
      sequel (>= 4.38.0)
    sequel_secure_password (0.2.15)
      bcrypt (>= 3.1, < 4.0)
      sequel (>= 4.1.0, < 6.0)
    shrine (3.6.0)
      content_disposition (~> 1.0)
      down (~> 5.1)
    signet (0.20.0)
      addressable (~> 2.8)
      faraday (>= 0.17.5, < 3.a)
      jwt (>= 1.5, < 3.0)
      multi_json (~> 1.10)
    snaky_hash (2.0.3)
      hashie (>= 0.1.0, < 6)
      version_gem (>= 1.1.8, < 3)
    static_files_toys (0.7.0)
      highline (~> 3.0)
      toys-core (~> 0.15.3)
    stringio (3.1.7)
    systemu (2.6.5)
    thor (1.4.0)
    tilt (2.6.1)
    timeout (0.4.3)
    toys (0.15.6)
      toys-core (= 0.15.6)
    toys-core (0.15.6)
    trailblazer-option (0.1.2)
    twitch-api (1.0.0)
      faraday (~> 2.3)
      faraday-parse_dates (~> 0.1.1)
      faraday-retry (~> 2.0)
      twitch_oauth2 (~> 0.5.0)
    twitch_oauth2 (0.5.0)
      faraday (~> 2.3)
      faraday-parse_dates (~> 0.1.0)
    uber (0.1.0)
    unicode-display_width (3.1.4)
      unicode-emoji (~> 4.0, >= 4.0.4)
    unicode-emoji (4.0.4)
    uri (1.0.3)
    uuid (2.3.9)
      macaddr (~> 1.0)
    version_gem (1.1.8)
    warning (1.5.0)

PLATFORMS
  x86_64-linux

DEPENDENCIES
  alt_memery
  benchmark_toys
  bundler
  bundler-audit
  config_toys
  erubi
  flame (~> 5.0.0.rc9)
  flame-flash (~> 3.0.1.rc2)
  flame-menu!
  flame-r18n (~> 3.0.0.rc1)
  flame-sentry_context
  flame_deploy_toys
  flame_generate_toys
  flame_routes_toys
  flame_server_toys
  formalism
  formalism-model_forms
  formalism-r18n_errors
  formalism-sequel_transactions
  google-apis-people_v1
  gorilla_patch
  icomoon_toys
  kramdown
  letter_opener
  locales_toys
  mail
  net-smtp
  nokogiri
  omniauth
  omniauth-google-oauth2
  omniauth-twitch
  pg
  pry-byebug
  psql_toys
  puma
  rack-console
  rack-protection-maximum_cookie!
  rack-session
  rack-slashenforce
  rack-test
  rack-utf8_sanitizer
  rack_console_toys
  rack_csrf
  rspec
  rubocop
  rubocop-performance
  rubocop-rspec
  rubocop-sequel
  sequel
  sequel-enum_values
  sequel_migrations_toys
  sequel_pg
  sequel_secure_password
  shrine
  static_files_toys
  toys
  twitch-api
  uuid
  voight_kampff!
  warning

BUNDLED WITH
   2.4.17
