GIT
  remote: https://github.com/AlexWayfer/Voight-Kampff.git
  revision: 84ce41275e959bdcc073ed2634803018490d99c6
  branch: v2
  specs:
    voight_kampff (2.0.0)

GIT
  remote: https://github.com/AlexWayfer/flame-menu.git
  revision: 5b65e822491255ef0ffb89bbc598b99af142d73e
  specs:
    flame-menu (0.0.0)
      flame (~> 5.0.0.rc6)

GIT
  remote: https://github.com/AlexWayfer/rack-protection-maximum_cookie.git
  revision: 8714e64ca1bef37984b7c26245d91f2353da59bb
  branch: update_rack_dependency
  specs:
    rack-protection-maximum_cookie (0.4.2)
      public_suffix (>= 3.0, < 5)
      rack (>= 2.2, < 3.0)

GEM
  remote: https://rubygems.org/
  specs:
    addressable (2.7.0)
      public_suffix (>= 2.0.2, < 5.0)
    alt_memery (2.1.0)
      module_methods (~> 0.1.0)
      ruby2_keywords (~> 0.0.2)
    ansi (1.5.0)
    ast (2.4.2)
    bcrypt (3.1.16)
    benchmark-ips (2.8.4)
    benchmark-memory (0.1.2)
      memory_profiler (~> 0.9)
    benchmark_toys (0.3.0)
      benchmark-ips (~> 2.8)
      benchmark-memory (~> 0.1.0)
      example_file (~> 0.2.0)
      toys-core (~> 0.11.0)
    bundler-audit (0.8.0)
      bundler (>= 1.2.0, < 3)
      thor (~> 1.0)
    byebug (11.1.3)
    coderay (1.1.3)
    config_toys (0.3.0)
      example_file (~> 0.2.0)
      toys-core (~> 0.11.0)
    content_disposition (1.0.0)
    diff-lcs (1.4.4)
    diffy (3.4.0)
    down (5.2.1)
      addressable (~> 2.5)
    dry-inflector (0.2.0)
    email_address (0.1.20)
      netaddr (>= 2.0.4, < 3)
      simpleidn
    erubi (1.10.0)
    example_file (0.2.0)
      diffy (~> 3.0)
      highline (~> 2.0)
      paint (~> 2.0)
    faraday (1.4.1)
      faraday-excon (~> 1.1)
      faraday-net_http (~> 1.0)
      faraday-net_http_persistent (~> 1.1)
      multipart-post (>= 1.2, < 3)
      ruby2_keywords (>= 0.0.4)
    faraday-excon (1.1.0)
    faraday-net_http (1.0.1)
    faraday-net_http_persistent (1.1.0)
    filewatcher (2.0.0.beta5)
    filewatcher-matrix (0.2.0)
      filewatcher (>= 2.0.0.beta3, < 3)
    flame (5.0.0.rc6)
      addressable (~> 2.5)
      alt_memery (~> 2.0)
      gorilla_patch (>= 3.0, < 5)
      rack (~> 2.1)
      tilt (~> 2.0)
    flame-flash (3.0.1.rc1)
      flame (>= 5.0.0.rc6, < 6)
      gorilla_patch (>= 1, < 5)
    flame-pagination (0.3.0)
      alt_memery (~> 2.0)
      flame (>= 4, < 6)
      module_methods (~> 0.1.0)
    flame-r18n (3.0.0.rc1)
      flame (>= 5.0.0.rc3, < 6)
      r18n-core (~> 5.0)
    flame-raven_context (0.1.2)
      alt_memery (~> 2.0)
      gorilla_patch (~> 4.0)
      sentry-raven (~> 3.0)
    flame_deploy_toys (0.3.0)
      toys-core (~> 0.11.0)
    flame_generate_toys (0.7.0)
      dry-inflector (~> 0.2.0)
      formalism-model_forms (~> 0.8.0)
      toys-core (~> 0.11.0)
    flame_routes_toys (0.3.0)
      alt_memery (~> 2.0)
      toys-core (~> 0.11.0)
    flame_server_toys (0.4.0)
      alt_memery (~> 2.0)
      filewatcher-matrix (~> 0.2.0)
      gorilla_patch (~> 4.0)
      toys-core (~> 0.11.0)
    formalism (0.4.0)
      gorilla_patch (~> 4)
      module_methods (~> 0.1.0)
    formalism-model_forms (0.8.0)
      alt_memery (~> 2.0)
      flame-pagination (~> 0.3.0)
      formalism (~> 0.4.0)
      gorilla_patch (~> 4.0)
      module_methods (~> 0.1.0)
      sequel (~> 5.0)
    formalism-r18n_errors (0.4.0)
      formalism (~> 0.4.0)
      gorilla_patch (~> 4.0)
      r18n-core (~> 5.0)
    formalism-sequel_transactions (0.3.0)
      formalism (~> 0.4.0)
      sequel (~> 5.0)
    gorilla_patch (4.0.0)
    highline (2.0.3)
    icomoon_toys (0.2.0)
      alt_memery (~> 2.0)
      rubyzip (~> 2.0)
      toys-core (~> 0.11.0)
    kramdown (2.3.1)
      rexml
    launchy (2.5.0)
      addressable (~> 2.7)
    letter_opener (1.7.0)
      launchy (~> 2.2)
    locales_toys (0.1.1)
      toys-core (~> 0.11.0)
    macaddr (1.7.2)
      systemu (~> 2.6.5)
    mail (2.7.1)
      mini_mime (>= 0.1.1)
    memory_profiler (0.9.14)
    method_source (1.0.0)
    mini_mime (1.1.0)
    module_methods (0.1.0)
    multipart-post (2.1.1)
    netaddr (2.0.4)
    nio4r (2.5.7)
    oga (3.3)
      ast
      ruby-ll (~> 2.1)
    paint (2.2.1)
    parallel (1.20.1)
    parser (3.0.1.1)
      ast (~> 2.4.1)
    pg (1.2.3)
    pry (0.13.1)
      coderay (~> 1.1)
      method_source (~> 1.0)
    pry-byebug (3.9.0)
      byebug (~> 11.0)
      pry (~> 0.13.0)
    psql_toys (0.4.0)
      alt_memery (~> 2.0)
      gorilla_patch (> 3, < 5)
      toys-core (~> 0.11.0)
    public_suffix (4.0.6)
    puma (5.2.2)
      nio4r (~> 2.0)
    r18n-core (5.0.1)
    rack (2.2.3)
    rack-console (1.3.1)
      rack (>= 1.1)
      rack-test
    rack-contrib (2.3.0)
      rack (~> 2.0)
    rack-slashenforce (0.0.3)
      rack
    rack-test (1.1.0)
      rack (>= 1.0, < 3)
    rack-utf8_sanitizer (1.7.0)
      rack (>= 1.0, < 3.0)
    rack_console_toys (0.1.1)
      rack-console (~> 1.3)
      toys-core (~> 0.11.0)
    rack_csrf (2.6.0)
      rack (>= 1.1.0)
    rainbow (3.0.0)
    regexp_parser (2.1.1)
    rexml (3.2.5)
    rspec (3.10.0)
      rspec-core (~> 3.10.0)
      rspec-expectations (~> 3.10.0)
      rspec-mocks (~> 3.10.0)
    rspec-core (3.10.1)
      rspec-support (~> 3.10.0)
    rspec-expectations (3.10.1)
      diff-lcs (>= 1.2.0, < 2.0)
      rspec-support (~> 3.10.0)
    rspec-mocks (3.10.2)
      diff-lcs (>= 1.2.0, < 2.0)
      rspec-support (~> 3.10.0)
    rspec-support (3.10.2)
    rubocop (1.13.0)
      parallel (~> 1.10)
      parser (>= 3.0.0.0)
      rainbow (>= 2.2.2, < 4.0)
      regexp_parser (>= 1.8, < 3.0)
      rexml
      rubocop-ast (>= 1.2.0, < 2.0)
      ruby-progressbar (~> 1.7)
      unicode-display_width (>= 1.4.0, < 3.0)
    rubocop-ast (1.5.0)
      parser (>= 3.0.1.1)
    rubocop-performance (1.11.1)
      rubocop (>= 1.7.0, < 2.0)
      rubocop-ast (>= 0.4.0)
    rubocop-rspec (2.3.0)
      rubocop (~> 1.0)
      rubocop-ast (>= 1.1.0)
    rubocop-sequel (0.2.0)
      rubocop (~> 1.0)
    ruby-ll (2.1.2)
      ansi
      ast
    ruby-progressbar (1.11.0)
    ruby2_keywords (0.0.4)
    rubyzip (2.3.0)
    sentry-raven (3.1.2)
      faraday (>= 1.0)
    sequel (5.44.0)
    sequel-enum_values (1.2.1)
      sequel (>= 4.1.0, <= 6)
    sequel_migrations_toys (0.2.2)
      alt_memery (~> 2.0)
      sequel (~> 5.0)
      toys-core (~> 0.11.0)
    sequel_pg (1.14.0)
      pg (>= 0.18.0, != 1.2.0)
      sequel (>= 4.38.0)
    sequel_secure_password (0.2.15)
      bcrypt (>= 3.1, < 4.0)
      sequel (>= 4.1.0, < 6.0)
    shrine (3.3.0)
      content_disposition (~> 1.0)
      down (~> 5.1)
    simpleidn (0.2.1)
      unf (~> 0.1.4)
    static_files_toys (0.2.0)
      highline (~> 2.0)
      toys-core (~> 0.11.0)
    systemu (2.6.5)
    thor (1.1.0)
    tilt (2.0.10)
    toys (0.11.5)
      toys-core (= 0.11.5)
    toys-core (0.11.5)
    unf (0.1.4)
      unf_ext
    unf_ext (0.0.7.7)
    unicode-display_width (2.0.0)
    uuid (2.3.9)
      macaddr (~> 1.0)
    warning (1.2.0)

PLATFORMS
  ruby

DEPENDENCIES
  alt_memery
  benchmark_toys
  bundler
  bundler-audit
  config_toys
  email_address
  erubi
  flame (~> 5.0.0.rc6)
  flame-flash (~> 3.0.1.rc1)
  flame-menu!
  flame-r18n (~> 3.0.0.rc1)
  flame-raven_context
  flame_deploy_toys
  flame_generate_toys
  flame_routes_toys
  flame_server_toys
  formalism
  formalism-model_forms
  formalism-r18n_errors
  formalism-sequel_transactions
  gorilla_patch
  icomoon_toys
  kramdown
  letter_opener
  locales_toys
  mail
  oga
  pg
  pry-byebug
  psql_toys
  puma
  rack-contrib
  rack-protection-maximum_cookie!
  rack-slashenforce
  rack-test
  rack-utf8_sanitizer
  rack_console_toys
  rack_csrf
  rspec
  rubocop
  rubocop-performance
  rubocop-rspec
  rubocop-sequel
  sequel
  sequel-enum_values
  sequel_migrations_toys
  sequel_pg
  sequel_secure_password
  shrine
  static_files_toys
  toys
  uuid
  voight_kampff!
  warning

BUNDLED WITH
   2.2.16
