GIT
  remote: https://github.com/AlexWayfer/Voight-Kampff.git
  revision: 84ce41275e959bdcc073ed2634803018490d99c6
  branch: v2
  specs:
    voight_kampff (2.0.0)

GIT
  remote: https://github.com/AlexWayfer/flame-menu.git
  revision: 5628a1dcb54340567f0e5af81418b34b5664f446
  specs:
    flame-menu (0.0.0)
      flame (~> 5.0.0.rc6)

GIT
  remote: https://github.com/AlexWayfer/rack-protection-maximum_cookie.git
  revision: 8714e64ca1bef37984b7c26245d91f2353da59bb
  branch: update_rack_dependency
  specs:
    rack-protection-maximum_cookie (0.4.2)
      public_suffix (>= 3.0, < 5)
      rack (>= 2.2, < 3.0)

GIT
  remote: https://github.com/deanpcmad/omniauth-twitch.git
  revision: 31d4f9b4766619e4d737280789f78fcd48ed9a76
  branch: fix-auth
  specs:
    omniauth-twitch (1.1.0)
      omniauth-oauth2 (~> 1.6)

GEM
  remote: https://rubygems.org/
  specs:
    addressable (2.8.1)
      public_suffix (>= 2.0.2, < 6.0)
    alt_memery (2.1.0)
      module_methods (~> 0.1.0)
      ruby2_keywords (~> 0.0.2)
    ansi (1.5.0)
    ast (2.4.2)
    bcrypt (3.1.18)
    benchmark-ips (2.10.0)
    benchmark-memory (0.2.0)
      memory_profiler (~> 1)
    benchmark_toys (0.5.0)
      benchmark-ips (~> 2.8)
      benchmark-memory (~> 0.2.0)
      example_file (~> 0.3.1)
      toys-core (~> 0.13.0)
    bundler-audit (0.9.1)
      bundler (>= 1.2.0, < 3)
      thor (~> 1.0)
    byebug (11.1.3)
    coderay (1.1.3)
    concurrent-ruby (1.1.10)
    config_toys (0.5.0)
      example_file (~> 0.3.0)
      toys-core (~> 0.13.0)
    content_disposition (1.0.0)
    diff-lcs (1.5.0)
    diffy (3.4.2)
    digest (3.1.0)
    down (5.3.1)
      addressable (~> 2.8)
    dry-inflector (0.3.0)
    erubi (1.11.0)
    example_file (0.3.1)
      diffy (~> 3.0)
      highline (~> 2.0)
      paint (~> 2.0)
    faraday (2.5.2)
      faraday-net_http (>= 2.0, < 3.1)
      ruby2_keywords (>= 0.0.4)
    faraday-net_http (3.0.0)
    filewatcher (2.0.0)
    filewatcher-matrix (0.2.0)
      filewatcher (>= 2.0.0.beta3, < 3)
    flame (5.0.0.rc7)
      addressable (~> 2.5)
      alt_memery (~> 2.0)
      gorilla_patch (>= 3.0, < 5)
      psych (~> 4.0)
      rack (~> 2.1)
      tilt (~> 2.0)
    flame-flash (3.0.1.rc1)
      flame (>= 5.0.0.rc6, < 6)
      gorilla_patch (>= 1, < 5)
    flame-pagination (0.3.0)
      alt_memery (~> 2.0)
      flame (>= 4, < 6)
      module_methods (~> 0.1.0)
    flame-r18n (3.0.0.rc1)
      flame (>= 5.0.0.rc3, < 6)
      r18n-core (~> 5.0)
    flame-sentry_context (0.3.0)
      alt_memery (~> 2.0)
      gorilla_patch (~> 4.0)
      sentry-ruby (~> 5.4)
    flame_deploy_toys (0.5.0)
      toys-core (~> 0.13.0)
    flame_generate_toys (0.10.0)
      dry-inflector (~> 0.3.0)
      formalism-model_forms (~> 0.9.0)
      toys-core (~> 0.13.1)
    flame_routes_toys (0.5.0)
      alt_memery (~> 2.0)
      toys-core (~> 0.13.0)
    flame_server_toys (0.6.0)
      alt_memery (~> 2.0)
      filewatcher-matrix (~> 0.2.0)
      gorilla_patch (~> 4.0)
      toys-core (~> 0.13.0)
    formalism (0.4.0)
      gorilla_patch (~> 4)
      module_methods (~> 0.1.0)
    formalism-model_forms (0.9.0)
      alt_memery (~> 2.0)
      flame-pagination (~> 0.3.0)
      formalism (~> 0.4.0)
      gorilla_patch (~> 4.0)
      module_methods (~> 0.1.0)
      sequel (~> 5.0)
    formalism-r18n_errors (0.4.0)
      formalism (~> 0.4.0)
      gorilla_patch (~> 4.0)
      r18n-core (~> 5.0)
    formalism-sequel_transactions (0.3.0)
      formalism (~> 0.4.0)
      sequel (~> 5.0)
    gorilla_patch (4.0.0)
    hashie (5.0.0)
    highline (2.0.3)
    icomoon_toys (0.4.0)
      alt_memery (~> 2.0)
      rubyzip (~> 2.0)
      toys-core (~> 0.13.0)
    json (2.6.2)
    jwt (2.5.0)
    kramdown (2.4.0)
      rexml
    launchy (2.5.0)
      addressable (~> 2.7)
    letter_opener (1.8.1)
      launchy (>= 2.2, < 3)
    locales_toys (0.2.0)
      toys-core (~> 0.13.0)
    macaddr (1.7.2)
      systemu (~> 2.6.5)
    mail (2.7.1)
      mini_mime (>= 0.1.1)
    memory_profiler (1.0.0)
    method_source (1.0.0)
    mini_mime (1.1.2)
    module_methods (0.1.0)
    multi_xml (0.6.0)
    net-protocol (0.1.3)
      timeout
    net-smtp (0.3.1)
      digest
      net-protocol
      timeout
    nio4r (2.5.8)
    oauth2 (2.0.9)
      faraday (>= 0.17.3, < 3.0)
      jwt (>= 1.0, < 3.0)
      multi_xml (~> 0.5)
      rack (>= 1.2, < 4)
      snaky_hash (~> 2.0)
      version_gem (~> 1.1)
    oga (3.4)
      ast
      ruby-ll (~> 2.1)
    omniauth (2.1.0)
      hashie (>= 3.4.6)
      rack (>= 2.2.3)
      rack-protection
    omniauth-oauth2 (1.8.0)
      oauth2 (>= 1.4, < 3)
      omniauth (~> 2.0)
    paint (2.3.0)
    parallel (1.22.1)
    parser (3.1.2.1)
      ast (~> 2.4.1)
    pg (1.4.3)
    pry (0.14.1)
      coderay (~> 1.1)
      method_source (~> 1.0)
    pry-byebug (3.10.1)
      byebug (~> 11.0)
      pry (>= 0.13, < 0.15)
    psql_toys (0.5.0)
      alt_memery (~> 2.0)
      gorilla_patch (> 3, < 5)
      toys-core (~> 0.13.0)
    psych (4.0.5)
      stringio
    public_suffix (4.0.7)
    puma (5.6.5)
      nio4r (~> 2.0)
    r18n-core (5.0.1)
    rack (2.2.4)
    rack-console (1.3.1)
      rack (>= 1.1)
      rack-test
    rack-contrib (2.3.0)
      rack (~> 2.0)
    rack-protection (2.2.2)
      rack
    rack-slashenforce (0.0.3)
      rack
    rack-test (2.0.2)
      rack (>= 1.3)
    rack-utf8_sanitizer (1.7.0)
      rack (>= 1.0, < 3.0)
    rack_console_toys (0.2.0)
      rack-console (~> 1.3)
      toys-core (~> 0.13.0)
    rack_csrf (2.7.0)
      rack (>= 1.1.0)
    rainbow (3.1.1)
    regexp_parser (2.5.0)
    rexml (3.2.5)
    rspec (3.11.0)
      rspec-core (~> 3.11.0)
      rspec-expectations (~> 3.11.0)
      rspec-mocks (~> 3.11.0)
    rspec-core (3.11.0)
      rspec-support (~> 3.11.0)
    rspec-expectations (3.11.1)
      diff-lcs (>= 1.2.0, < 2.0)
      rspec-support (~> 3.11.0)
    rspec-mocks (3.11.1)
      diff-lcs (>= 1.2.0, < 2.0)
      rspec-support (~> 3.11.0)
    rspec-support (3.11.1)
    rubocop (1.36.0)
      json (~> 2.3)
      parallel (~> 1.10)
      parser (>= 3.1.2.1)
      rainbow (>= 2.2.2, < 4.0)
      regexp_parser (>= 1.8, < 3.0)
      rexml (>= 3.2.5, < 4.0)
      rubocop-ast (>= 1.20.1, < 2.0)
      ruby-progressbar (~> 1.7)
      unicode-display_width (>= 1.4.0, < 3.0)
    rubocop-ast (1.21.0)
      parser (>= 3.1.1.0)
    rubocop-performance (1.15.0)
      rubocop (>= 1.7.0, < 2.0)
      rubocop-ast (>= 0.4.0)
    rubocop-rspec (2.13.1)
      rubocop (~> 1.33)
    rubocop-sequel (0.3.4)
      rubocop (~> 1.0)
    ruby-ll (2.1.2)
      ansi
      ast
    ruby-progressbar (1.11.0)
    ruby2_keywords (0.0.5)
    rubyzip (2.3.2)
    sentry-ruby (5.4.2)
      concurrent-ruby (~> 1.0, >= 1.0.2)
    sequel (5.60.1)
    sequel-enum_values (1.2.1)
      sequel (>= 4.1.0, <= 6)
    sequel_migrations_toys (0.3.0)
      alt_memery (~> 2.0)
      sequel (~> 5.0)
      toys-core (~> 0.13.0)
    sequel_pg (1.16.0)
      pg (>= 0.18.0, != 1.2.0)
      sequel (>= 4.38.0)
    sequel_secure_password (0.2.15)
      bcrypt (>= 3.1, < 4.0)
      sequel (>= 4.1.0, < 6.0)
    shrine (3.4.0)
      content_disposition (~> 1.0)
      down (~> 5.1)
    snaky_hash (2.0.0)
      hashie
      version_gem (~> 1.1)
    static_files_toys (0.4.0)
      highline (~> 2.0)
      toys-core (~> 0.13.0)
    stringio (3.0.2)
    systemu (2.6.5)
    thor (1.2.1)
    tilt (2.0.11)
    timeout (0.3.0)
    toys (0.13.1)
      toys-core (= 0.13.1)
    toys-core (0.13.1)
    unicode-display_width (2.3.0)
    uuid (2.3.9)
      macaddr (~> 1.0)
    version_gem (1.1.0)
    warning (1.3.0)

PLATFORMS
  x86_64-linux

DEPENDENCIES
  alt_memery
  benchmark_toys
  bundler
  bundler-audit
  config_toys
  erubi
  flame (~> 5.0.0.rc6)
  flame-flash (~> 3.0.1.rc1)
  flame-menu!
  flame-r18n (~> 3.0.0.rc1)
  flame-sentry_context
  flame_deploy_toys
  flame_generate_toys
  flame_routes_toys
  flame_server_toys
  formalism
  formalism-model_forms
  formalism-r18n_errors
  formalism-sequel_transactions
  gorilla_patch
  icomoon_toys
  kramdown
  letter_opener
  locales_toys
  mail
  net-smtp
  oga
  omniauth
  omniauth-twitch!
  pg
  pry-byebug
  psql_toys
  puma
  rack-contrib
  rack-protection-maximum_cookie!
  rack-slashenforce
  rack-test
  rack-utf8_sanitizer
  rack_console_toys
  rack_csrf
  rspec
  rubocop
  rubocop-performance
  rubocop-rspec
  rubocop-sequel
  sequel
  sequel-enum_values
  sequel_migrations_toys
  sequel_pg
  sequel_secure_password
  shrine
  static_files_toys
  toys
  uuid
  voight_kampff!
  warning

BUNDLED WITH
   2.3.21
